GEM
  remote: https://rubygems.org/
  specs:
    addressable (2.3.6)
    data_objects (0.10.14)
      addressable (~> 2.1)
    dm-core (1.2.1)
      addressable (~> 2.3)
    dm-do-adapter (1.2.0)
      data_objects (~> 0.10.6)
      dm-core (~> 1.2.0)
    dm-postgres-adapter (1.2.0)
      dm-do-adapter (~> 1.2.0)
      do_postgres (~> 0.10.6)
    do_postgres (0.10.14-x86-mingw32)
      data_objects (= 0.10.14)
    erubis (2.7.0)
    pg (0.16.0-x86-mingw32)
    rack (1.5.2)
    rack-protection (1.5.3)
      rack
    sinatra (1.4.5)
      rack (~> 1.4)
      rack-protection (~> 1.4)
      tilt (~> 1.3, >= 1.3.4)
    sqlite3 (1.3.9-x86-mingw32)
    tilt (1.4.1)

PLATFORMS
  x86-mingw32

DEPENDENCIES
  dm-postgres-adapter
  erubis
  pg
  sinatra
  sqlite3
