GEM
  specs:

PLATFORMS
  x86-mingw32

DEPENDENCIES
